GEM
  remote: http://rubygems.org/
  specs:
    ffi (1.0.7)
      rake (>= 0.8.7)
    rake (0.8.7)
    tmdas (0.0.12)
      ffi (>= 0.6.3)

PLATFORMS
  ruby

DEPENDENCIES
  tmdas
